PATH
  remote: .
  specs:
    resource_mq (0.0.1)
      activesupport (~> 4.0)
      beefcake (~> 0.3)
      librmdp

GEM
  remote: https://rubygems.org/
  specs:
    activesupport (4.0.0)
      i18n (~> 0.6, >= 0.6.4)
      minitest (~> 4.2)
      multi_json (~> 1.3)
      thread_safe (~> 0.1)
      tzinfo (~> 0.3.37)
    atomic (1.1.13)
    beefcake (0.3.7)
    coderay (1.0.9)
    diff-lcs (1.2.4)
    ffi (1.9.0)
    ffi-rzmq (1.0.1)
      ffi
    formatador (0.2.4)
    guard (1.8.1)
      formatador (>= 0.2.4)
      listen (>= 1.0.0)
      lumberjack (>= 1.0.2)
      pry (>= 0.9.10)
      thor (>= 0.14.6)
    guard-rspec (3.0.2)
      guard (>= 1.8)
      rspec (~> 2.13)
    i18n (0.6.5)
    librmdp (0.0.1)
      ffi-rzmq
    listen (1.2.2)
      rb-fsevent (>= 0.9.3)
      rb-inotify (>= 0.9)
      rb-kqueue (>= 0.2)
    lumberjack (1.0.4)
    method_source (0.8.1)
    minitest (4.7.5)
    multi_json (1.7.9)
    pry (0.9.12.2)
      coderay (~> 1.0.5)
      method_source (~> 0.8)
      slop (~> 3.4)
    rake (10.1.0)
    rb-fsevent (0.9.3)
    rb-inotify (0.9.0)
      ffi (>= 0.5.0)
    rb-kqueue (0.2.0)
      ffi (>= 0.5.0)
    rspec (2.13.0)
      rspec-core (~> 2.13.0)
      rspec-expectations (~> 2.13.0)
      rspec-mocks (~> 2.13.0)
    rspec-core (2.13.1)
    rspec-expectations (2.13.0)
      diff-lcs (>= 1.1.3, < 2.0)
    rspec-mocks (2.13.1)
    simplecov (0.7.1)
      multi_json (~> 1.0)
      simplecov-html (~> 0.7.1)
    simplecov-html (0.7.1)
    slop (3.4.5)
    thor (0.18.1)
    thread_safe (0.1.2)
      atomic
    tzinfo (0.3.37)

PLATFORMS
  ruby

DEPENDENCIES
  bundler (~> 1.3)
  guard-rspec
  rake
  resource_mq!
  rspec-core
  simplecov
