PATH
  remote: .
  specs:
    resource_mq (0.0.1)
      activemodel (~> 4.0)
      activesupport (~> 4.0)
      ffi-rzmq (~> 0.5)
      virtus (~> 0.5)

GEM
  remote: https://rubygems.org/
  specs:
    activemodel (4.0.0)
      activesupport (= 4.0.0)
      builder (~> 3.1.0)
    activesupport (4.0.0)
      i18n (~> 0.6, >= 0.6.4)
      minitest (~> 4.2)
      multi_json (~> 1.3)
      thread_safe (~> 0.1)
      tzinfo (~> 0.3.37)
    ansi (1.4.3)
    atomic (1.1.14)
    backports (3.3.3)
    builder (3.1.4)
    descendants_tracker (0.0.1)
    ffi (1.9.0)
    ffi-rzmq (0.9.7)
      ffi
    hashie (2.0.5)
    i18n (0.6.5)
    minitest (4.7.5)
    minitest-reporters (0.14.20)
      ansi
      builder
      minitest (>= 2.12, < 5.0)
      powerbar
    multi_json (1.8.0)
    powerbar (1.0.11)
      ansi (~> 1.4.0)
      hashie (>= 1.1.0)
    rake (10.1.0)
    thread_safe (0.1.3)
      atomic
    tzinfo (0.3.37)
    virtus (0.5.5)
      backports (~> 3.3)
      descendants_tracker (~> 0.0.1)

PLATFORMS
  ruby

DEPENDENCIES
  bundler (~> 1.3)
  minitest (~> 4.7)
  minitest-reporters
  rake
  resource_mq!
